PATH
  remote: .
  specs:
    ai_assistant_ruby (0.1.0)

GEM
  remote: https://rubygems.org/
  specs:
    addressable (2.8.7)
      public_suffix (>= 2.0.2, < 7.0)
    ast (2.4.2)
    bigdecimal (3.1.8)
    binding_of_caller (1.0.1)
      debug_inspector (>= 1.2.0)
    byebug (11.1.3)
    coderay (1.1.3)
    crack (1.0.0)
      bigdecimal
      rexml
    debug_inspector (1.2.0)
    diff-lcs (1.5.1)
    docile (1.4.1)
    hashdiff (1.1.2)
    json (2.9.1)
    language_server-protocol (3.17.0.3)
    method_source (1.1.0)
    parallel (1.26.3)
    parser (3.3.6.0)
      ast (~> 2.4.1)
      racc
    proc_to_ast (0.2.0)
      parser
      rouge
      unparser
    pry (0.14.2)
      coderay (~> 1.1)
      method_source (~> 1.0)
    pry-byebug (3.10.1)
      byebug (~> 11.0)
      pry (>= 0.13, < 0.15)
    public_suffix (6.0.1)
    racc (1.8.1)
    rainbow (3.1.1)
    rake (13.2.1)
    regexp_parser (2.9.3)
    rexml (3.4.0)
    rouge (4.5.1)
    rspec (3.13.0)
      rspec-core (~> 3.13.0)
      rspec-expectations (~> 3.13.0)
      rspec-mocks (~> 3.13.0)
    rspec-core (3.13.2)
      rspec-support (~> 3.13.0)
    rspec-expectations (3.13.3)
      diff-lcs (>= 1.2.0, < 2.0)
      rspec-support (~> 3.13.0)
    rspec-mocks (3.13.2)
      diff-lcs (>= 1.2.0, < 2.0)
      rspec-support (~> 3.13.0)
    rspec-parameterized (1.0.2)
      rspec-parameterized-core (< 2)
      rspec-parameterized-table_syntax (< 2)
    rspec-parameterized-core (1.0.1)
      parser
      proc_to_ast (>= 0.2.0)
      rspec (>= 2.13, < 4)
      unparser
    rspec-parameterized-table_syntax (1.0.1)
      binding_of_caller
      rspec-parameterized-core (< 2)
    rspec-support (3.13.2)
    rubocop (1.69.2)
      json (~> 2.3)
      language_server-protocol (>= 3.17.0)
      parallel (~> 1.10)
      parser (>= 3.3.0.2)
      rainbow (>= 2.2.2, < 4.0)
      regexp_parser (>= 2.9.3, < 3.0)
      rubocop-ast (>= 1.36.2, < 2.0)
      ruby-progressbar (~> 1.7)
      unicode-display_width (>= 2.4.0, < 4.0)
    rubocop-ast (1.37.0)
      parser (>= 3.3.1.0)
    ruby-progressbar (1.13.0)
    simplecov (0.22.0)
      docile (~> 1.1)
      simplecov-html (~> 0.11)
      simplecov_json_formatter (~> 0.1)
    simplecov-html (0.13.1)
    simplecov_json_formatter (0.1.4)
    unicode-display_width (3.1.2)
      unicode-emoji (~> 4.0, >= 4.0.4)
    unicode-emoji (4.0.4)
    unparser (0.6.15)
      diff-lcs (~> 1.3)
      parser (>= 3.3.0)
    webmock (3.24.0)
      addressable (>= 2.8.0)
      crack (>= 0.3.2)
      hashdiff (>= 0.4.0, < 2.0.0)

PLATFORMS
  ruby
  x86_64-darwin-23

DEPENDENCIES
  ai_assistant_ruby!
  pry-byebug
  rake
  rspec
  rspec-parameterized
  rubocop
  simplecov
  webmock

BUNDLED WITH
   2.5.6
